REDIRECTS: ON
RESTRICTION: == net461
NUGET
  remote: https://api.nuget.org/v3/index.json
    Aether (8.2)
      FSharp.Core (>= 4.1)
    Chiron (6.2.1)
      Aether (>= 8.0.2 < 9.0)
      FParsec (>= 1.0 < 2.0)
    FAKE (4.63)
    FParsec (1.0.2)
    FSharp.Compiler.Tools (4.1.23)
    FSharp.Core (4.2.2)
    FSharp.Data (2.3.3)
    FSharp.EdIlyin.Core (1.0.12)
      Chiron (>= 6.2.1)
      FSharp.Core (>= 4.2.2)
      FSharp.NET.Sdk (>= 1.0.5)
      Hopac (>= 0.3.23)
    FSharp.NET.Sdk (1.0.5)
      FSharp.Compiler.Tools (>= 4.1.17)
    Hopac (0.3.23)
      FSharp.Core (>= 3.1.2.5)
